GEM
  remote: https://rubygems.org/
  specs:
    byebug (11.1.3)
    concurrent-ruby (1.2.2)
    date (3.3.3)
    dotenv (2.7.6)
    ethon (0.16.0)
      ffi (>= 1.15.0)
    ffi (1.15.5)
    i18n (1.12.0)
      concurrent-ruby (~> 1.0)
    mail (2.8.1)
      mini_mime (>= 0.1.1)
      net-imap
      net-pop
      net-smtp
    mime-types (3.4.1)
      mime-types-data (~> 3.2015)
    mime-types-data (3.2023.0218.1)
    mini_mime (1.1.2)
    moneta (1.1.1)
    mustermann (3.0.0)
      ruby2_keywords (~> 0.0.1)
    net-imap (0.3.4)
      date
      net-protocol
    net-pop (0.1.2)
      net-protocol
    net-protocol (0.2.1)
      timeout
    net-smtp (0.3.3)
      net-protocol
    nio4r (2.5.8)
    padrino (0.15.3)
      padrino-admin (= 0.15.3)
      padrino-cache (= 0.15.3)
      padrino-core (= 0.15.3)
      padrino-gen (= 0.15.3)
      padrino-helpers (= 0.15.3)
      padrino-mailer (= 0.15.3)
      padrino-support (= 0.15.3)
    padrino-admin (0.15.3)
      padrino-core (= 0.15.3)
      padrino-helpers (= 0.15.3)
    padrino-cache (0.15.3)
      moneta (~> 1.1.0)
      padrino-core (= 0.15.3)
      padrino-helpers (= 0.15.3)
    padrino-core (0.15.3)
      padrino-support (= 0.15.3)
      sinatra (>= 2.2.4)
      thor (~> 1.0)
    padrino-gen (0.15.3)
      bundler (>= 1.0, < 3)
      padrino-core (= 0.15.3)
    padrino-helpers (0.15.3)
      i18n (>= 0.6.7, < 2)
      padrino-support (= 0.15.3)
      tilt (>= 1.4.1, < 3)
    padrino-mailer (0.15.3)
      mail (~> 2.5)
      mime-types (< 4)
      padrino-core (= 0.15.3)
    padrino-support (0.15.3)
    puma (6.1.1)
      nio4r (~> 2.0)
    rack (2.2.6.4)
    rack-protection (3.0.5)
      rack
    rake (13.0.6)
    rb-fsevent (0.11.2)
    rb-inotify (0.10.1)
      ffi (~> 1.0)
    ruby2_keywords (0.0.5)
    sass (3.7.4)
      sass-listen (~> 4.0.0)
    sass-listen (4.0.0)
      rb-fsevent (~> 0.9, >= 0.9.4)
      rb-inotify (~> 0.9, >= 0.9.7)
    sinatra (3.0.5)
      mustermann (~> 3.0)
      rack (~> 2.2, >= 2.2.4)
      rack-protection (= 3.0.5)
      tilt (~> 2.0)
    thor (1.2.1)
    tilt (2.1.0)
    timeout (0.3.2)
    typhoeus (1.4.0)
      ethon (>= 0.9.0)

PLATFORMS
  x86_64-linux

DEPENDENCIES
  byebug
  dotenv (= 2.7.6)
  padrino (= 0.15.3)
  puma (~> 6.1)
  rake
  sass (~> 3.7)
  typhoeus (~> 1.4)

BUNDLED WITH
   2.3.3
